GEM
  remote: http://rubygems.org/
  specs:
    addressable (2.2.6)
    daemons (1.1.5)
    em-websocket (0.3.5)
      addressable (>= 2.1.1)
      eventmachine (>= 0.12.9)
    eventmachine (0.12.10)
    json (1.6.3)
    rack (1.3.5)
    thin (1.3.1)
      daemons (>= 1.0.9)
      eventmachine (>= 0.12.6)
      rack (>= 1.0.0)
    websocket-rack (0.3.2)
      em-websocket (~> 0.3.1)
      rack
      thin

PLATFORMS
  ruby

DEPENDENCIES
  json
  thin
  websocket-rack
